GEM
  remote: http://rubygems.org/
  specs:
    blockenspiel (0.4.3)
    coderay (1.0.6)
    ffi (1.0.11)
    git (1.2.5)
    guard (1.0.1)
      ffi (>= 0.5.0)
      thor (~> 0.14.6)
    guard-test (0.4.3)
      guard (>= 0.4)
      test-unit (~> 2.2)
    guard-yard (1.0.2)
      guard (>= 0.2.2)
      yard (>= 0.7.0)
    jeweler (1.8.3)
      bundler (~> 1.0)
      git (>= 1.2.5)
      rake
      rdoc
    json (1.6.6)
    metaclass (0.0.1)
    method_source (0.7.1)
    mocha (0.10.5)
      metaclass (~> 0.0.1)
    mysql2 (0.3.11)
    pry (0.9.9)
      coderay (~> 1.0.5)
      method_source (~> 0.7.1)
      slop (>= 2.4.4, < 3)
    rake (0.9.2.2)
    rdiscount (1.6.8)
    rdoc (3.12)
      json (~> 1.4)
    sequel (3.34.1)
    slop (2.4.4)
    sqlite3 (1.3.6)
    test-unit (2.4.8)
    thor (0.14.6)
    versionomy (0.4.3)
      blockenspiel (>= 0.4.3)
    yard (0.7.5)

PLATFORMS
  ruby

DEPENDENCIES
  bundler
  guard-test
  guard-yard
  jeweler
  mocha
  mysql2
  pry
  rake
  rdiscount
  sequel
  sqlite3
  test-unit
  versionomy
  yard
