GEM
  remote: http://rubygems.org/
  specs:
    blockenspiel (0.4.3)
    ffi (1.0.11)
    git (1.2.5)
    guard (0.8.8)
      thor (~> 0.14.6)
    guard-test (0.4.1)
      guard (>= 0.4)
      test-unit (~> 2.2)
    guard-yard (1.0.2)
      guard (>= 0.2.2)
      yard (>= 0.7.0)
    jeweler (1.6.4)
      bundler (~> 1.0)
      git (>= 1.2.5)
      rake
    metaclass (0.0.1)
    mocha (0.10.0)
      metaclass (~> 0.0.1)
    mysql2 (0.3.10)
    rake (0.9.2.2)
    rb-inotify (0.8.8)
      ffi (>= 0.5.0)
    rcov (0.9.11)
    sequel (3.29.0)
    sqlite3 (1.3.4)
    test-unit (2.3.2)
    thor (0.14.6)
    versionomy (0.4.1)
      blockenspiel (>= 0.4.1)
    yard (0.7.3)

PLATFORMS
  ruby

DEPENDENCIES
  bundler (~> 1.0.0)
  guard-test
  guard-yard
  jeweler (~> 1.6.4)
  mocha
  mysql2
  rake
  rb-inotify
  rcov
  sequel
  sqlite3
  test-unit (= 2.3.2)
  versionomy
  yard
