PATH
  remote: .
  specs:
    linkage (0.6)
      sequel
      sequel-collation

GEM
  remote: http://rubygems.org/
  specs:
    blockenspiel (0.4.3)
    ffi (1.0.11)
    guard (1.1.1)
      listen (>= 0.4.2)
      thor (>= 0.14.6)
    guard-test (0.5.0)
      guard (>= 1.1.0)
      test-unit (~> 2.2)
    guard-yard (2.0.0)
      guard (>= 1.1.0)
      yard (>= 0.7.0)
    listen (0.4.5)
      rb-fchange (~> 0.0.5)
      rb-fsevent (~> 0.9.1)
      rb-inotify (~> 0.8.8)
    metaclass (0.0.1)
    mocha (0.11.4)
      metaclass (~> 0.0.1)
    mysql2 (0.3.11)
    rake (0.9.2.2)
    rb-fchange (0.0.5)
      ffi
    rb-fsevent (0.9.1)
    rb-inotify (0.8.8)
      ffi (>= 0.5.0)
    rdiscount (1.6.8)
    sequel (3.36.1)
    sequel-collation (0.0.2)
      sequel
    sqlite3 (1.3.6)
    test-unit (2.5.0)
    thor (0.15.3)
    versionomy (0.4.3)
      blockenspiel (>= 0.4.3)
    yard (0.8.2.1)

PLATFORMS
  ruby

DEPENDENCIES
  bundler
  guard-test
  guard-yard
  linkage!
  mocha
  mysql2
  rake
  rdiscount
  sqlite3
  test-unit
  versionomy
  yard
