PATH
  remote: .
  specs:
    linkage (0.7)
      sequel
      sequel-collation

GEM
  remote: http://rubygems.org/
  specs:
    blockenspiel (0.4.5)
    columnize (0.3.6)
    debugger (1.2.0)
      columnize (>= 0.3.1)
      debugger-linecache (~> 1.1.1)
      debugger-ruby_core_source (~> 1.1.3)
    debugger-linecache (1.1.2)
      debugger-ruby_core_source (>= 1.1.1)
    debugger-ruby_core_source (1.1.3)
    ffi (1.1.0)
    guard (1.4.0)
      listen (>= 0.4.2)
      thor (>= 0.14.6)
    guard-test (0.5.0)
      guard (>= 1.1.0)
      test-unit (~> 2.2)
    guard-yard (2.0.0)
      guard (>= 1.1.0)
      yard (>= 0.7.0)
    jdbc-mysql (5.1.13)
    jdbc-sqlite3 (3.7.2)
    listen (0.5.3)
    metaclass (0.0.1)
    mocha (0.12.6)
      metaclass (~> 0.0.1)
    mysql2 (0.3.11)
    rake (0.9.2.2)
    rb-inotify (0.8.8)
      ffi (>= 0.5.0)
    rdiscount (1.6.8)
    sequel (3.40.0)
    sequel-collation (0.1.0)
      sequel
    sqlite3 (1.3.6)
    test-unit (2.5.2)
    thor (0.16.0)
    versionomy (0.4.4)
      blockenspiel (>= 0.4.5)
    yard (0.8.2.1)

PLATFORMS
  java
  ruby

DEPENDENCIES
  bundler
  debugger
  guard-test
  guard-yard
  jdbc-mysql
  jdbc-sqlite3
  linkage!
  mocha
  mysql2
  rake
  rb-inotify
  rdiscount
  sqlite3
  test-unit
  versionomy
  yard
