GEM
  remote: http://rubygems.org/
  specs:
    blockenspiel (0.4.3)
    git (1.2.5)
    guard (0.6.2)
      thor (~> 0.14.6)
    guard-test (0.3.0)
      guard (>= 0.2.2)
      test-unit (~> 2.2)
    guard-yard (1.0.1)
      guard (>= 0.2.2)
      yard (>= 0.7.0)
    jeweler (1.6.4)
      bundler (~> 1.0)
      git (>= 1.2.5)
      rake
    mocha (0.9.12)
    rake (0.9.2)
    rcov (0.9.10)
    sequel (3.26.0)
    sqlite3 (1.3.3)
    test-unit (2.3.2)
    thor (0.14.6)
    versionomy (0.4.1)
      blockenspiel (>= 0.4.1)
    yard (0.7.2)

PLATFORMS
  ruby

DEPENDENCIES
  bundler (~> 1.0.0)
  guard-test
  guard-yard
  jeweler (~> 1.6.4)
  mocha
  rake
  rcov
  sequel
  sqlite3
  test-unit (= 2.3.2)
  versionomy
  yard
