GEM
  remote: http://rubygems.org/
  specs:
    blockenspiel (0.4.3)
    coderay (0.9.8)
    git (1.2.5)
    guard (0.8.8)
      thor (~> 0.14.6)
    guard-test (0.4.2)
      guard (>= 0.4)
      test-unit (~> 2.2)
    guard-yard (1.0.2)
      guard (>= 0.2.2)
      yard (>= 0.7.0)
    jeweler (1.6.4)
      bundler (~> 1.0)
      git (>= 1.2.5)
      rake
    metaclass (0.0.1)
    method_source (0.6.7)
      ruby_parser (>= 2.3.1)
    mocha (0.10.0)
      metaclass (~> 0.0.1)
    mysql2 (0.3.10)
    pry (0.9.7.4)
      coderay (~> 0.9.8)
      method_source (~> 0.6.7)
      ruby_parser (>= 2.3.1)
      slop (~> 2.1.0)
    rake (0.9.2.2)
    rcov (0.9.11)
    rdiscount (1.6.8)
    ruby_parser (2.3.1)
      sexp_processor (~> 3.0)
    sequel (3.29.0)
    sexp_processor (3.0.8)
    slop (2.1.0)
    sqlite3 (1.3.4)
    test-unit (2.3.2)
    thor (0.14.6)
    versionomy (0.4.1)
      blockenspiel (>= 0.4.1)
    yard (0.7.3)

PLATFORMS
  ruby

DEPENDENCIES
  bundler (~> 1.0.0)
  guard-test
  guard-yard
  jeweler (~> 1.6.4)
  mocha
  mysql2
  pry
  rake
  rcov
  rdiscount
  sequel
  sqlite3
  test-unit (= 2.3.2)
  versionomy
  yard
