PATH
  remote: .
  specs:
    linkage (0.7)
      sequel
      sequel-collation

GEM
  remote: http://rubygems.org/
  specs:
    blockenspiel (0.4.5)
    coderay (1.0.8)
    columnize (0.3.6)
    debugger (1.2.3)
      columnize (>= 0.3.1)
      debugger-linecache (~> 1.1.1)
      debugger-ruby_core_source (~> 1.1.5)
    debugger-linecache (1.1.2)
      debugger-ruby_core_source (>= 1.1.1)
    debugger-ruby_core_source (1.1.6)
    ffi (1.3.1)
    guard (1.6.1)
      listen (>= 0.6.0)
      lumberjack (>= 1.0.2)
      pry (>= 0.9.10)
      thor (>= 0.14.6)
    guard-test (0.7.0)
      guard (>= 1.1)
      test-unit (~> 2.2)
    guard-yard (2.0.1)
      guard (>= 1.1.0)
      yard (>= 0.7.0)
    jdbc-mysql (5.1.22)
    jdbc-sqlite3 (3.7.2)
    listen (0.7.2)
    lumberjack (1.0.2)
    metaclass (0.0.1)
    method_source (0.8.1)
    mocha (0.13.1)
      metaclass (~> 0.0.1)
    mysql2 (0.3.11)
    pry (0.9.11.2)
      coderay (~> 1.0.5)
      method_source (~> 0.8)
      slop (~> 3.4)
    pry (0.9.11.2-java)
      coderay (~> 1.0.5)
      method_source (~> 0.8)
      slop (~> 3.4)
      spoon (~> 0.0)
    rake (10.0.3)
    rb-inotify (0.8.8)
      ffi (>= 0.5.0)
    rdiscount (1.6.8)
    sequel (3.43.0)
    sequel-collation (0.1.0)
      sequel
    slop (3.4.3)
    spoon (0.0.1)
    sqlite3 (1.3.7)
    test-unit (2.5.3)
    thor (0.16.0)
    versionomy (0.4.4)
      blockenspiel (>= 0.4.5)
    yard (0.8.3)

PLATFORMS
  java
  ruby

DEPENDENCIES
  bundler
  debugger
  guard-test
  guard-yard
  jdbc-mysql
  jdbc-sqlite3
  linkage!
  mocha
  mysql2
  rake
  rb-inotify (~> 0.8.8)
  rdiscount
  sqlite3
  test-unit
  versionomy
  yard
